GEM
  remote: https://rubygems.org/
  specs:
    addressable (2.3.6)
    breakpoint (2.0.7)
      compass (>= 0.12.1)
      sass (>= 3.2.0)
    chunky_png (1.3.1)
    compass (0.12.2)
      chunky_png (~> 1.2)
      fssm (>= 0.2.7)
      sass (~> 3.1)
    compass-validator (3.0.1)
    css_parser (1.3.5)
      addressable
    ffi (1.9.3)
    fssm (0.2.10)
    oily_png (1.1.1)
      chunky_png (~> 1.3.0)
    rb-inotify (0.9.5)
      ffi (>= 0.5.0)
    sass (3.3.0.alpha.134)

PLATFORMS
  ruby

DEPENDENCIES
  breakpoint
  compass
  compass-validator
  css_parser
  oily_png
  rb-inotify
  sass
